ObjectType = Image
NDims = 2
BinaryData = True
BinaryDataByteOrderMSB = False
CompressedData = False
TransformMatrix = 1 0 0 1
Offset = -103.5 -103.5
CenterOfRotation = 0 0
ElementSpacing = 0.81000000000000005 0.81000000000000005
DimSize = 256 256
AnatomicalOrientation = ??
ElementType = MET_FLOAT
ElementDataFile = ct_post_fbp_z035.raw
